GIT
  remote: git://github.com/twrodriguez/facets.git
  revision: 6ef99f935be10eb8287263e627851aa0878e335b
  branch: extend_patch_2_9_3
  specs:
    facets (2.9.3.1)

GEM
  remote: http://rubygems.org/
  specs:
    backports (3.6.0)
    algorithms (0.6.1)
    diff-lcs (1.1.3)
    git (1.2.5)
    jeweler (1.8.4)
      bundler (~> 1.0)
      git (>= 1.2.5)
      rake
      rdoc
    json (1.7.3)
    multi_json (1.7.2)
    rake (0.9.2.2)
    rdoc (3.12)
      json (~> 1.4)
    rspec (2.11.0)
      rspec-core (~> 2.11.0)
      rspec-expectations (~> 2.11.0)
      rspec-mocks (~> 2.11.0)
    rspec-core (2.11.0)
    rspec-expectations (2.11.1)
      diff-lcs (~> 1.1.3)
    rspec-mocks (2.11.1)
    simplecov (0.7.1)
      multi_json (~> 1.0)
      simplecov-html (~> 0.7.1)
    simplecov-html (0.7.1)
    yard (0.8.2.1)

PLATFORMS
  ruby
  x86-mingw32

DEPENDENCIES
<<<<<<< Updated upstream
  backports
  facets
=======
  algorithms
  bundler
  facets (> 2.9.3)!
>>>>>>> Stashed changes
  jeweler
  rake
  rspec
  simplecov
  yard
